GEM
  remote: https://rubygems.org/
  specs:
    actionpack (6.0.3.3)
      actionview (= 6.0.3.3)
      activesupport (= 6.0.3.3)
      rack (~> 2.0, >= 2.0.8)
      rack-test (>= 0.6.3)
      rails-dom-testing (~> 2.0)
      rails-html-sanitizer (~> 1.0, >= 1.2.0)
    actionview (6.0.3.3)
      activesupport (= 6.0.3.3)
      builder (~> 3.1)
      erubi (~> 1.4)
      rails-dom-testing (~> 2.0)
      rails-html-sanitizer (~> 1.1, >= 1.2.0)
    activesupport (6.0.3.3)
      concurrent-ruby (~> 1.0, >= 1.0.2)
      i18n (>= 0.7, < 2)
      minitest (~> 5.1)
      tzinfo (~> 1.1)
      zeitwerk (~> 2.2, >= 2.2.2)
    allocation_stats (0.1.5)
    builder (3.2.4)
    concurrent-ruby (1.1.7)
    crass (1.0.6)
    cuba (3.9.3)
      rack (>= 1.6.0)
    dry-configurable (0.11.6)
      concurrent-ruby (~> 1.0)
      dry-core (~> 0.4, >= 0.4.7)
      dry-equalizer (~> 0.2)
    dry-container (0.7.2)
      concurrent-ruby (~> 1.0)
      dry-configurable (~> 0.1, >= 0.1.3)
    dry-core (0.4.9)
      concurrent-ruby (~> 1.0)
    dry-equalizer (0.3.0)
    dry-inflector (0.2.0)
    dry-logic (1.0.7)
      concurrent-ruby (~> 1.0)
      dry-core (~> 0.2)
      dry-equalizer (~> 0.2)
    dry-types (1.4.0)
      concurrent-ruby (~> 1.0)
      dry-container (~> 0.3)
      dry-core (~> 0.4, >= 0.4.4)
      dry-equalizer (~> 0.3)
      dry-inflector (~> 0.1, >= 0.1.2)
      dry-logic (~> 1.0, >= 1.0.2)
    erubi (1.9.0)
    flame (4.18.1)
      gorilla-patch (~> 2, >= 2.0.0)
      rack (~> 2)
      thor (~> 0)
      tilt (>= 2.0, < 3)
    gorilla-patch (2.9.2.3)
      gorilla_patch (~> 2.9)
    gorilla_patch (2.9.1)
    grape (1.4.0)
      activesupport
      builder
      dry-types (>= 1.1)
      mustermann-grape (~> 1.0.0)
      rack (>= 1.3.0)
      rack-accept
    hanami-router (1.3.2)
      hanami-utils (~> 1.3)
      http_router (= 0.11.2)
      rack (~> 2.0)
    hanami-utils (1.3.6)
      concurrent-ruby (~> 1.0)
      transproc (~> 1.0)
    hobbit (0.6.1)
      rack
    hobby (0.1.2)
      rack
    http_router (0.11.2)
      rack (>= 1.0.0)
      url_mount (~> 0.2.1)
    i18n (1.8.5)
      concurrent-ruby (~> 1.0)
    iodine (0.7.42)
    loofah (2.7.0)
      crass (~> 1.0.2)
      nokogiri (>= 1.5.9)
    method_source (1.0.0)
    mini_portile2 (2.4.0)
    minitest (5.14.2)
    mustermann (1.1.1)
      ruby2_keywords (~> 0.0.1)
    mustermann-grape (1.0.1)
      mustermann (>= 1.0.0)
    newark (0.0.8)
      activesupport
      rack (>= 1.5.2)
    nio4r (2.5.4)
    nokogiri (1.10.10)
      mini_portile2 (~> 2.4.0)
    parslet (1.8.2)
    plezi (0.16.4)
      iodine (>= 0.6.0, < 0.8.0)
      rack (>= 2.0.0)
    puma (5.0.0)
      nio4r (~> 2.0)
    rack (2.2.3)
    rack-accept (0.4.5)
      rack (>= 0.4)
    rack-app (7.6.4)
      rack
    rack-protection (2.1.0)
      rack
    rack-test (1.1.0)
      rack (>= 1.0, < 3)
    rackstep (0.0.10)
    rails-dom-testing (2.0.3)
      activesupport (>= 4.2.0)
      nokogiri (>= 1.6)
    rails-html-sanitizer (1.3.0)
      loofah (~> 2.3)
    railties (6.0.3.3)
      actionpack (= 6.0.3.3)
      activesupport (= 6.0.3.3)
      method_source
      rake (>= 0.8.7)
      thor (>= 0.20.3, < 2.0)
    rake (13.0.1)
    rambutan (0.0.1)
      http_router
    roda (3.36.0)
      rack
    ruby2_keywords (0.0.2)
    scorched (1.0.1)
      rack (~> 2.0)
      rack-accept (~> 0.4)
      scorched-accept (~> 0.1)
      tilt (~> 2.0)
    scorched-accept (0.1)
      parslet (~> 1.7)
    seg (1.2.0)
    sinatra (2.1.0)
      mustermann (~> 1.0)
      rack (~> 2.2)
      rack-protection (= 2.1.0)
      tilt (~> 2.0)
    syro (3.2.0)
      rack (>= 1.6.0)
      seg
    thor (0.20.3)
    thread_safe (0.3.6)
    tilt (2.0.10)
    transproc (1.1.1)
    tzinfo (1.2.7)
      thread_safe (~> 0.1)
    url_mount (0.2.1)
      rack
    watts (1.0.5)
      rack
    zeitwerk (2.4.0)

PLATFORMS
  ruby

DEPENDENCIES
  actionpack
  allocation_stats
  cuba
  flame
  grape
  hanami-router
  hobbit
  hobby
  newark
  plezi
  puma
  rack
  rack-app
  rackstep
  railties
  rambutan
  roda
  scorched
  sinatra
  syro
  watts

RUBY VERSION
   ruby 2.5.8p224

BUNDLED WITH
   2.1.4
